FRAMEWORK: >= NET46
NUGET
  remote: https://www.nuget.org/api/v2
    ApprovalTests (3.0.11)
      ApprovalUtilities (>= 3.0)
    ApprovalUtilities (3.0.11)
    FAKE (4.39.1)
    FluentAssertions (4.14)
    iTextSharp (5.5.9)
    Newtonsoft.Json (9.0.1)
    xunit (2.1)
      xunit.assert (2.1)
      xunit.core (2.1)
    xunit.abstractions (2.0)
    xunit.assert (2.1)
    xunit.core (2.1)
      xunit.extensibility.core (2.1)
      xunit.extensibility.execution (2.1)
    xunit.extensibility.core (2.1)
      xunit.abstractions (2.0)
    xunit.extensibility.execution (2.1)
      xunit.extensibility.core (2.1)
    xunit.runner.console (2.1)
    xunit.runner.visualstudio (2.1.0) - version_in_path: true
    xunit.runners (2.0)
  remote: https://www.myget.org/F/boumenot
    Grobid.Models (3.3.0) - copy_content_to_output_dir: preserve_newest
    Grobid.NET (3.3.0)
      IKVM (8.1.5721)
      IKVM.NativeBinaries (8.1.5721)
    IKVM (8.1.5721)
    IKVM.NativeBinaries (8.1.5721)
      IKVM (8.1.5721)
    pdf2xml (1.0)
